GEM
  remote: https://rubygems.org/
  specs:
    thor (1.3.2)

PLATFORMS
  ruby
  x86_64-linux-musl

DEPENDENCIES
  thor (~> 1.3)

BUNDLED WITH
   2.5.22
